PATH
  remote: .
  specs:
    codepipeline (0.1.0)
      activesupport
      aws-sdk-cloudformation
      aws-sdk-codepipeline
      aws-sdk-ssm
      cfn_camelizer
      memoist
      rainbow
      render_me_pretty
      thor
      zeitwerk

GEM
  remote: https://rubygems.org/
  specs:
    activesupport (5.2.3)
      concurrent-ruby (~> 1.0, >= 1.0.2)
      i18n (>= 0.7, < 2)
      minitest (~> 5.1)
      tzinfo (~> 1.1)
    aws-eventstream (1.0.3)
    aws-partitions (1.176.0)
    aws-sdk-cloudformation (1.23.0)
      aws-sdk-core (~> 3, >= 3.56.0)
      aws-sigv4 (~> 1.1)
    aws-sdk-codepipeline (1.21.0)
      aws-sdk-core (~> 3, >= 3.56.0)
      aws-sigv4 (~> 1.1)
    aws-sdk-core (3.56.0)
      aws-eventstream (~> 1.0, >= 1.0.2)
      aws-partitions (~> 1.0)
      aws-sigv4 (~> 1.1)
      jmespath (~> 1.0)
    aws-sdk-ssm (1.50.0)
      aws-sdk-core (~> 3, >= 3.56.0)
      aws-sigv4 (~> 1.1)
    aws-sigv4 (1.1.0)
      aws-eventstream (~> 1.0, >= 1.0.2)
    byebug (11.0.1)
    cfn_camelizer (0.2.0)
      activesupport
      memoist
      rainbow
    cli_markdown (0.1.0)
    codeclimate-test-reporter (1.0.9)
      simplecov (<= 0.13)
    concurrent-ruby (1.1.5)
    diff-lcs (1.3)
    docile (1.1.5)
    i18n (1.6.0)
      concurrent-ruby (~> 1.0)
    jmespath (1.4.0)
    json (2.2.0)
    memoist (0.16.0)
    minitest (5.11.3)
    rainbow (3.0.0)
    rake (12.3.2)
    render_me_pretty (0.8.2)
      activesupport
      rainbow
      tilt
    rspec (3.8.0)
      rspec-core (~> 3.8.0)
      rspec-expectations (~> 3.8.0)
      rspec-mocks (~> 3.8.0)
    rspec-core (3.8.1)
      rspec-support (~> 3.8.0)
    rspec-expectations (3.8.4)
      diff-lcs (>= 1.2.0, < 2.0)
      rspec-support (~> 3.8.0)
    rspec-mocks (3.8.1)
      diff-lcs (>= 1.2.0, < 2.0)
      rspec-support (~> 3.8.0)
    rspec-support (3.8.2)
    simplecov (0.13.0)
      docile (~> 1.1.0)
      json (>= 1.8, < 3)
      simplecov-html (~> 0.10.0)
    simplecov-html (0.10.2)
    thor (0.20.3)
    thread_safe (0.3.6)
    tilt (2.0.9)
    tzinfo (1.2.5)
      thread_safe (~> 0.1)
    zeitwerk (2.1.6)

PLATFORMS
  ruby

DEPENDENCIES
  bundler
  byebug
  cli_markdown
  codeclimate-test-reporter
  codepipeline!
  rake
  rspec

BUNDLED WITH
   2.0.1
